GEM
  remote: https://rubygems.org/
  specs:
    elasticsearch (1.0.18)
      elasticsearch-api (= 1.0.18)
      elasticsearch-transport (= 1.0.18)
    elasticsearch-api (1.0.18)
      multi_json
    elasticsearch-transport (1.0.18)
      faraday
      multi_json
    faraday (0.13.1)
      multipart-post (>= 1.2, < 3)
    multi_json (1.12.1)
    multipart-post (2.0.0)
    thor (0.20.0)

PLATFORMS
  ruby

DEPENDENCIES
  elasticsearch (~> 1.0.15)
  thor (~> 0.20.0)

BUNDLED WITH
   1.15.1
